GEM
  remote: https://rubygems.org/
  specs:
    faraday (2.7.4)
      faraday-net_http (>= 2.0, < 3.1)
      ruby2_keywords (>= 0.0.4)
    faraday-net_http (3.0.2)
    json (2.6.3)
    ruby2_keywords (0.0.5)
    rugged (1.5.1)

PLATFORMS
  arm64-darwin-22

DEPENDENCIES
  faraday
  json
  rugged

BUNDLED WITH
   2.4.6
